GEM
  remote: https://rubygems.org/
  specs:
    addressable (2.7.0)
      public_suffix (>= 2.0.2, < 5.0)
    artii (2.1.2)
    coderay (1.1.2)
    colorize (0.8.1)
    diff-lcs (1.3)
    launchy (2.4.3)
      addressable (~> 2.3)
    method_source (0.9.2)
    mini_portile2 (2.4.0)
    nokogiri (1.10.5)
      mini_portile2 (~> 2.4.0)
    nokogiri (1.10.5-x64-mingw32)
      mini_portile2 (~> 2.4.0)
    open_uri_redirections (0.2.1)
    pry (0.12.2)
      coderay (~> 1.1.0)
      method_source (~> 0.9.0)
    public_suffix (4.0.1)
    rainbow (3.0.0)
    require_all (2.0.0)
    rspec (3.9.0)
      rspec-core (~> 3.9.0)
      rspec-expectations (~> 3.9.0)
      rspec-mocks (~> 3.9.0)
    rspec-core (3.9.0)
      rspec-support (~> 3.9.0)
    rspec-expectations (3.9.0)
      diff-lcs (>= 1.2.0, < 2.0)
      rspec-support (~> 3.9.0)
    rspec-mocks (3.9.0)
      diff-lcs (>= 1.2.0, < 2.0)
      rspec-support (~> 3.9.0)
    rspec-support (3.9.0)
    text (1.3.1)

PLATFORMS
  ruby
  x64-mingw32

DEPENDENCIES
  artii (~> 2.1, >= 2.1.2)
  colorize (~> 0.8.1)
  launchy (~> 2.4, >= 2.4.3)
  nokogiri (~> 1.10)
  open_uri_redirections (~> 0.2.1)
  pry
  rainbow (~> 3.0)
  require_all
  rspec (~> 3.9)
  text (~> 1.3, >= 1.3.1)

BUNDLED WITH
   1.17.3
